GEM
  remote: https://rubygems.org/
  specs:
    faraday (0.15.4)
      multipart-post (>= 1.2, < 3)
    multipart-post (2.1.1)
    rack (3.0.0)
    sinatra (1.0)
      rack (>= 1.0)

PLATFORMS
  ruby

DEPENDENCIES
  faraday
  rack (>= 3.0.0)
  sinatra

BUNDLED WITH
   1.17.3
